PATH
  remote: .
  specs:
    stoplight (2.2.1)

GEM
  remote: https://rubygems.org/
  specs:
    ast (2.4.1)
    benchmark-ips (2.7.2)
    bugsnag (4.2.1)
    diff-lcs (1.3)
    docile (1.4.0)
    fakeredis (0.7.0)
      redis (>= 3.2, < 5.0)
    faraday (0.9.2)
      multipart-post (>= 1.2, < 3)
    hipchat (1.6.0)
      httparty
      mimemagic
    honeybadger (2.7.2)
    httparty (0.17.1)
      mime-types (~> 3.0)
      multi_xml (>= 0.5.2)
    json (2.3.1)
    mime-types (3.3)
      mime-types-data (~> 3.2015)
    mime-types-data (3.2019.1009)
    mimemagic (0.4.3)
      nokogiri (~> 1)
      rake
    mini_portile2 (2.7.1)
    multi_xml (0.6.0)
    multipart-post (2.1.1)
    nokogiri (1.13.0)
      mini_portile2 (~> 2.7.0)
      racc (~> 1.4)
    pagerduty (2.1.2)
      json (>= 1.7.7)
    parallel (1.20.0)
    parser (2.7.2.0)
      ast (~> 2.4.1)
    racc (1.6.0)
    rainbow (3.0.0)
    rake (13.0.1)
    redis (3.3.5)
    regexp_parser (1.8.2)
    rexml (3.2.4)
    rspec (3.9.0)
      rspec-core (~> 3.9.0)
      rspec-expectations (~> 3.9.0)
      rspec-mocks (~> 3.9.0)
    rspec-core (3.9.0)
      rspec-support (~> 3.9.0)
    rspec-expectations (3.9.0)
      diff-lcs (>= 1.2.0, < 2.0)
      rspec-support (~> 3.9.0)
    rspec-mocks (3.9.0)
      diff-lcs (>= 1.2.0, < 2.0)
      rspec-support (~> 3.9.0)
    rspec-support (3.9.0)
    rubocop (1.0.0)
      parallel (~> 1.10)
      parser (>= 2.7.1.5)
      rainbow (>= 2.2.2, < 4.0)
      regexp_parser (>= 1.8)
      rexml
      rubocop-ast (>= 0.6.0)
      ruby-progressbar (~> 1.7)
      unicode-display_width (>= 1.4.0, < 2.0)
    rubocop-ast (1.1.1)
      parser (>= 2.7.1.5)
    ruby-progressbar (1.10.1)
    sentry-raven (1.2.3)
      faraday (>= 0.7.6, < 0.10.x)
    simplecov (0.21.2)
      docile (~> 1.1)
      simplecov-html (~> 0.11)
      simplecov_json_formatter (~> 0.1)
    simplecov-html (0.12.3)
    simplecov-lcov (0.8.0)
    simplecov_json_formatter (0.1.3)
    slack-notifier (1.5.1)
    timecop (0.9.1)
    unicode-display_width (1.7.0)

PLATFORMS
  ruby

DEPENDENCIES
  benchmark-ips (~> 2.3)
  bugsnag (~> 4.0)
  fakeredis (~> 0.5)
  hipchat (~> 1.5)
  honeybadger (~> 2.5)
  pagerduty (~> 2.1.1)
  rake (~> 13.0)
  redis (~> 3.2)
  rspec (~> 3.3)
  rubocop (~> 1.0.0)
  sentry-raven (~> 1.2)
  simplecov (~> 0.21)
  simplecov-lcov (~> 0.8)
  slack-notifier (~> 1.3)
  stoplight!
  timecop (~> 0.8)

BUNDLED WITH
   2.2.31
