PATH
  remote: .
  specs:
    stoplight (4.0.0)
      redlock (~> 1.0)

GEM
  remote: https://rubygems.org/
  specs:
    ast (2.4.2)
    benchmark-ips (2.7.2)
    database_cleaner-core (2.0.1)
    database_cleaner-redis (2.0.0)
      database_cleaner-core (~> 2.0.0)
      redis
    debug (1.4.0)
      irb (>= 1.3.6)
      reline (>= 0.2.7)
    diff-lcs (1.5.0)
    docile (1.4.0)
    fakeredis (0.8.0)
      redis (~> 4.1)
    io-console (0.5.11)
    irb (1.4.1)
      reline (>= 0.3.0)
    parallel (1.22.1)
    parser (3.1.3.0)
      ast (~> 2.4.1)
    rainbow (3.1.1)
    rake (13.0.1)
    redis (4.8.0)
    redlock (1.3.2)
      redis (>= 3.0.0, < 6.0)
    regexp_parser (2.6.1)
    reline (0.3.0)
      io-console (~> 0.5)
    rexml (3.2.5)
    rspec (3.11.0)
      rspec-core (~> 3.11.0)
      rspec-expectations (~> 3.11.0)
      rspec-mocks (~> 3.11.0)
    rspec-core (3.11.0)
      rspec-support (~> 3.11.0)
    rspec-expectations (3.11.1)
      diff-lcs (>= 1.2.0, < 2.0)
      rspec-support (~> 3.11.0)
    rspec-mocks (3.11.1)
      diff-lcs (>= 1.2.0, < 2.0)
      rspec-support (~> 3.11.0)
    rspec-support (3.11.1)
    rubocop (1.0.0)
      parallel (~> 1.10)
      parser (>= 2.7.1.5)
      rainbow (>= 2.2.2, < 4.0)
      regexp_parser (>= 1.8)
      rexml
      rubocop-ast (>= 0.6.0)
      ruby-progressbar (~> 1.7)
      unicode-display_width (>= 1.4.0, < 2.0)
    rubocop-ast (1.24.0)
      parser (>= 3.1.1.0)
    ruby-progressbar (1.11.0)
    simplecov (0.21.2)
      docile (~> 1.1)
      simplecov-html (~> 0.11)
      simplecov_json_formatter (~> 0.1)
    simplecov-html (0.12.3)
    simplecov-lcov (0.8.0)
    simplecov_json_formatter (0.1.3)
    timecop (0.9.5)
    unicode-display_width (1.8.0)

PLATFORMS
  ruby

DEPENDENCIES
  benchmark-ips (~> 2.3)
  database_cleaner-redis (~> 2.0)
  debug
  fakeredis (~> 0.8)
  rake (~> 13.0)
  redis (~> 4.1)
  rspec (~> 3.11)
  rubocop (~> 1.0.0)
  simplecov (~> 0.21)
  simplecov-lcov (~> 0.8)
  stoplight!
  timecop (~> 0.9)

BUNDLED WITH
   2.3.4
