PATH
  remote: .
  specs:
    stoplight (4.1.0)
      redlock (~> 1.0)

GEM
  remote: https://rubygems.org/
  specs:
    ast (2.4.2)
    base64 (0.1.1)
    benchmark-ips (2.12.0)
    database_cleaner-core (2.0.1)
    database_cleaner-redis (2.0.0)
      database_cleaner-core (~> 2.0.0)
      redis
    debug (1.8.0)
      irb (>= 1.5.0)
      reline (>= 0.3.1)
    diff-lcs (1.5.0)
    docile (1.4.0)
    fakeredis (0.9.2)
      redis (~> 4.8)
    io-console (0.6.0)
    irb (1.7.4)
      reline (>= 0.3.6)
    json (2.6.3)
    language_server-protocol (3.17.0.3)
    parallel (1.23.0)
    parser (3.2.2.4)
      ast (~> 2.4.1)
      racc
    racc (1.7.1)
    rainbow (3.1.1)
    rake (13.1.0)
    redis (4.8.1)
    redlock (1.3.2)
      redis (>= 3.0.0, < 6.0)
    regexp_parser (2.8.2)
    reline (0.3.8)
      io-console (~> 0.5)
    rexml (3.2.6)
    rspec (3.12.0)
      rspec-core (~> 3.12.0)
      rspec-expectations (~> 3.12.0)
      rspec-mocks (~> 3.12.0)
    rspec-core (3.12.2)
      rspec-support (~> 3.12.0)
    rspec-expectations (3.12.3)
      diff-lcs (>= 1.2.0, < 2.0)
      rspec-support (~> 3.12.0)
    rspec-mocks (3.12.6)
      diff-lcs (>= 1.2.0, < 2.0)
      rspec-support (~> 3.12.0)
    rspec-support (3.12.1)
    rubocop (1.57.1)
      base64 (~> 0.1.1)
      json (~> 2.3)
      language_server-protocol (>= 3.17.0)
      parallel (~> 1.10)
      parser (>= 3.2.2.4)
      rainbow (>= 2.2.2, < 4.0)
      regexp_parser (>= 1.8, < 3.0)
      rexml (>= 3.2.5, < 4.0)
      rubocop-ast (>= 1.28.1, < 2.0)
      ruby-progressbar (~> 1.7)
      unicode-display_width (>= 2.4.0, < 3.0)
    rubocop-ast (1.29.0)
      parser (>= 3.2.1.0)
    ruby-progressbar (1.13.0)
    simplecov (0.22.0)
      docile (~> 1.1)
      simplecov-html (~> 0.11)
      simplecov_json_formatter (~> 0.1)
    simplecov-html (0.12.3)
    simplecov-lcov (0.8.0)
    simplecov_json_formatter (0.1.4)
    timecop (0.9.8)
    unicode-display_width (2.5.0)

PLATFORMS
  ruby

DEPENDENCIES
  benchmark-ips (~> 2.12)
  database_cleaner-redis (~> 2.0)
  debug
  fakeredis (~> 0.9)
  rake (~> 13.1)
  redis (~> 4.8)
  rspec (~> 3.12)
  rubocop (~> 1.57.1)
  simplecov (~> 0.22)
  simplecov-lcov (~> 0.8)
  stoplight!
  timecop (~> 0.9)

BUNDLED WITH
   2.3.4
